GEM
  remote: https://rubygems.org/
  specs:
    hoe (3.7.0)
      rake (>= 0.8, < 11.0)
    json (1.7.3)
    open4 (1.3.0)
    rake (0.9.6)
    rake-remote_task (2.0.6)
      open4 (~> 1.0)
      rake (~> 0.8)
    rdoc (3.12)
      json (~> 1.4)
    test-unit (2.4.5)
    vlad (2.2.4)
      rake (~> 0.8)
      rake-remote_task (~> 2.0)

PLATFORMS
  ruby

DEPENDENCIES
  hoe
  rake
  rdoc
  test-unit
  vlad
