GEM
  remote: http://rubygems.org/
  specs:
    hoe (2.13.0)
      rake (~> 0.8)
    json (1.7.3)
    open4 (1.3.0)
    rake (0.9.2.2)
    rake-remote_task (2.0.6)
      open4 (~> 1.0)
      rake (~> 0.8)
    rdoc (3.12)
      json (~> 1.4)
    test-unit (2.4.5)
    vlad (2.2.4)
      rake (~> 0.8)
      rake-remote_task (~> 2.0)

PLATFORMS
  ruby

DEPENDENCIES
  hoe
  rake
  rdoc
  test-unit
  vlad
